GEM
  remote: https://rubygems.org/
  specs:
    chronic (0.10.2)
    icalendar (1.4.4)
    mini_portile (0.5.2)
    nokogiri (1.6.0)
      mini_portile (~> 0.5.0)

PLATFORMS
  ruby

DEPENDENCIES
  chronic
  icalendar
  nokogiri
